PATH
  remote: ../paitin_hana
  specs:
    paitin_hana (0.1.0)
      rack (~> 1.6)
      tilt (~> 2.0)

GEM
  remote: https://rubygems.org/
  specs:
    coderay (1.1.1)
    method_source (0.8.2)
    pry (0.10.3)
      coderay (~> 1.1.0)
      method_source (~> 0.8.1)
      slop (~> 3.4)
    rack (1.6.4)
    slop (3.6.0)
    sqlite3 (1.3.11)
    tilt (2.0.5)

PLATFORMS
  ruby

DEPENDENCIES
  paitin_hana!
  pry
  sqlite3

BUNDLED WITH
   1.12.5
